GEM
  remote: https://rubygems.org/
  specs:
    nio4r (2.7.1)
    puma (6.4.2)
      nio4r (~> 2.0)
    rack (3.0.10)
    roda (3.79.0)
      rack

PLATFORMS
  arm64-darwin-23
  ruby

DEPENDENCIES
  puma
  rack
  roda

BUNDLED WITH
   2.5.3
