GEM
  remote: https://rubygems.org/
  specs:
    bigdecimal (3.1.7)
    rack (3.0.10)
    roda (3.79.0)
      rack
    sequel (5.79.0)
      bigdecimal
    sqlite3 (1.7.3-aarch64-linux)
    sqlite3 (1.7.3-arm-linux)
    sqlite3 (1.7.3-arm64-darwin)
    sqlite3 (1.7.3-x86-linux)
    sqlite3 (1.7.3-x86_64-darwin)
    sqlite3 (1.7.3-x86_64-linux)

PLATFORMS
  aarch64-linux
  arm-linux
  arm64-darwin
  x86-linux
  x86_64-darwin
  x86_64-linux

DEPENDENCIES
  rack
  roda
  sequel
  sqlite3

BUNDLED WITH
   2.5.3
